PATH
  remote: .
  specs:
    molt (0.2.2)
      commander
      liquid (~> 4.0.0)
      terminal-table
      thor (~> 0.20)

GEM
  remote: https://rubygems.org/
  specs:
    commander (4.4.4)
      highline (~> 1.7.2)
    diff-lcs (1.3)
    highline (1.7.10)
    liquid (4.0.0)
    rake (13.0.6)
    rspec (3.7.0)
      rspec-core (~> 3.7.0)
      rspec-expectations (~> 3.7.0)
      rspec-mocks (~> 3.7.0)
    rspec-core (3.7.1)
      rspec-support (~> 3.7.0)
    rspec-expectations (3.7.0)
      diff-lcs (>= 1.2.0, < 2.0)
      rspec-support (~> 3.7.0)
    rspec-mocks (3.7.0)
      diff-lcs (>= 1.2.0, < 2.0)
      rspec-support (~> 3.7.0)
    rspec-support (3.7.1)
    terminal-table (1.8.0)
      unicode-display_width (~> 1.1, >= 1.1.1)
    thor (0.20.0)
    unicode-display_width (1.3.0)

PLATFORMS
  ruby

DEPENDENCIES
  bundler (~> 1.16)
  molt!
  rake
  rspec (~> 3.4)

BUNDLED WITH
   1.16.1
